GEM
  remote: https://rubygems.org/
  specs:
    colored (1.2)
    commander (4.2.0)
      highline (~> 1.6.11)
    configatron (4.2.0)
    dotenv (0.11.1)
      dotenv-deployment (~> 0.0.2)
    dotenv-deployment (0.0.2)
    eventmachine (1.0.3)
    factor (0.5.06)
      colored (~> 1.2)
      commander (~> 4.2.0)
      configatron (~> 4.2.0)
      faye-websocket (~> 0.7.4)
      rest_client (~> 1.7.3)
    faye-websocket (0.7.4)
      eventmachine (>= 0.12.0)
      websocket-driver (>= 0.3.1)
    foreman (0.74.0)
      dotenv (~> 0.11.1)
      thor (~> 0.19.1)
    highline (1.6.21)
    netrc (0.7.7)
    rest_client (1.7.3)
      netrc (~> 0.7.7)
    thor (0.19.1)
    websocket-driver (0.3.4)

PLATFORMS
  ruby

DEPENDENCIES
  factor
  foreman
