GIT
  remote: https://github.com/factor-io/connector-web.git
  revision: 4dfa0ef89e36d72ec7367c20489e71f9069dfacb
  specs:
    factor-connector-web (0.3.01)
      ngrok-tunnel (~> 2.1.0)
      rest-client (~> 1.8.0)
      sinatra (~> 1.4.7)
      sinatra-contrib (~> 1.4.7)

GIT
  remote: https://github.com/factor-io/factor.git
  revision: af49e0f4a776f4bcf79c16f18e4dac0341900db8
  specs:
    factor (3.0.0)
      commander (~> 4.4.0)
      concurrent-ruby (~> 1.0.1)
      configatron (~> 4.5.0)
      rainbow (~> 2.1.0)

GEM
  remote: https://rubygems.org/
  specs:
    backports (3.6.8)
    commander (4.4.0)
      highline (~> 1.7.2)
    concurrent-ruby (1.0.2)
    configatron (4.5.0)
    domain_name (0.5.20160310)
      unf (>= 0.0.5, < 1.0.0)
    foreman (0.81.0)
      thor (~> 0.19.1)
    highline (1.7.8)
    http-cookie (1.0.2)
      domain_name (~> 0.5)
    mime-types (2.99.1)
    multi_json (1.11.3)
    netrc (0.11.0)
    ngrok-tunnel (2.1.0)
    rack (1.6.4)
    rack-protection (1.5.3)
      rack
    rack-test (0.6.3)
      rack (>= 1.0)
    rainbow (2.1.0)
    rest-client (1.8.0)
      http-cookie (>= 1.0.2, < 2.0)
      mime-types (>= 1.16, < 3.0)
      netrc (~> 0.7)
    sinatra (1.4.7)
      rack (~> 1.5)
      rack-protection (~> 1.4)
      tilt (>= 1.3, < 3)
    sinatra-contrib (1.4.7)
      backports (>= 2.0)
      multi_json
      rack-protection
      rack-test
      sinatra (~> 1.4.0)
      tilt (>= 1.3, < 3)
    thor (0.19.1)
    tilt (2.0.2)
    unf (0.1.4)
      unf_ext
    unf_ext (0.0.7.2)

PLATFORMS
  ruby

DEPENDENCIES
  factor!
  factor-connector-web!
  foreman

BUNDLED WITH
   1.12.1
